GEM
  remote: https://rubygems.org/
  specs:
    addressable (2.4.0)
    ast (2.3.0)
    autoprefixer-rails (6.3.7)
      execjs
    childprocess (0.5.9)
      ffi (~> 1.0, >= 1.0.11)
    colorator (0.1)
    colored (1.2)
    concurrent-ruby (1.0.2)
    configure-s3-website (1.7.1)
      deep_merge (= 1.0.0)
    deep_merge (1.0.0)
    dotenv (1.0.2)
    execjs (2.7.0)
    extras (0.1.0)
      forwardable-extended (~> 2.5)
    fastimage (2.0.0)
      addressable (~> 2)
    ffi (1.9.14)
    forwardable-extended (2.6.0)
    htmlbeautifier (1.1.1)
    htmlcompressor (0.3.0)
    iniparse (1.4.2)
    jekyll (3.1.6)
      colorator (~> 0.1)
      jekyll-sass-converter (~> 1.0)
      jekyll-watch (~> 1.1)
      kramdown (~> 1.3)
      liquid (~> 3.0)
      mercenary (~> 0.3.3)
      rouge (~> 1.7)
      safe_yaml (~> 1.0)
    jekyll-assets (2.2.7)
      extras (~> 0.1)
      fastimage (~> 2.0, >= 1.8)
      jekyll (~> 3.1, >= 3.0)
      pathutil (>= 0.8)
      sprockets (~> 3.3)
    jekyll-sass-converter (1.4.0)
      sass (~> 3.4)
    jekyll-tidy (0.0.1)
      htmlbeautifier
      htmlcompressor
      jekyll
    jekyll-watch (1.4.0)
      listen (~> 3.0, < 3.1)
    kramdown (1.11.1)
    liquid (3.0.6)
    listen (3.0.8)
      rb-fsevent (~> 0.9, >= 0.9.4)
      rb-inotify (~> 0.9, >= 0.9.7)
    mercenary (0.3.6)
    overcommit (0.34.2)
      childprocess (~> 0.5.8)
      iniparse (~> 1.4)
    parser (2.3.1.2)
      ast (~> 2.2)
    pathutil (0.14.0)
      forwardable-extended (~> 2.6)
    powerpack (0.1.1)
    rack (2.0.1)
    rainbow (2.1.0)
    rake (11.2.2)
    rb-fsevent (0.9.7)
    rb-inotify (0.9.7)
      ffi (>= 0.5.0)
    rouge (1.11.1)
    rubocop (0.41.2)
      parser (>= 2.3.1.1, < 3.0)
      powerpack (~> 0.1)
      rainbow (>= 1.99.1, < 3.0)
      ruby-progressbar (~> 1.7)
      unicode-display_width (~> 1.0, >= 1.0.1)
    ruby-progressbar (1.8.1)
    s3_website (2.14.0)
      colored (= 1.2)
      configure-s3-website (= 1.7.1)
      dotenv (~> 1.0)
      thor (~> 0.18)
    safe_yaml (1.0.4)
    sass (3.4.22)
    scss_lint (0.49.0)
      rake (>= 0.9, < 12)
      sass (~> 3.4.20)
    sprockets (3.6.3)
      concurrent-ruby (~> 1.0)
      rack (> 1, < 3)
    thor (0.19.1)
    uglifier (3.0.0)
      execjs (>= 0.3.0, < 3)
    unicode-display_width (1.1.0)

PLATFORMS
  ruby

DEPENDENCIES
  autoprefixer-rails
  jekyll
  jekyll-assets
  jekyll-tidy
  overcommit
  rubocop
  s3_website
  scss_lint
  uglifier

BUNDLED WITH
   1.12.4
